GEM
  remote: https://rubygems.org/
  specs:
    mysql (2.9.1)
    sequel (4.45.0)
    sqlite3 (1.3.13)

PLATFORMS
  ruby

DEPENDENCIES
  mysql
  sequel
  sqlite3

BUNDLED WITH
   1.14.6
